PATH
  remote: ~/projects/joseairosa/ashton
  specs:
    ashton (0.0.3alpha)
      gosu (~> 0.7.45)
      opengl (~> 0.8.0.pre1)

GEM
  remote: https://rubygems.org/
  specs:
    binding_of_caller (0.7.2)
      debug_inspector (>= 0.0.1)
    bond (0.5.1)
    chipmunk (5.3.4.5)
    coderay (1.1.0)
    columnize (0.3.6)
    debug_inspector (0.0.2)
    debugger (1.6.5)
      columnize (>= 0.3.1)
      debugger-linecache (~> 1.2.0)
      debugger-ruby_core_source (~> 1.3.1)
    debugger-linecache (1.2.0)
    debugger-ruby_core_source (1.3.1)
    gosu (0.7.50)
    hasu (0.1.4)
      gosu
    interception (0.4)
    jist (1.5.1)
      json
    json (1.8.1)
    method_source (0.8.2)
    opengl (0.8.0)
    pry (0.9.12.6)
      coderay (~> 1.0)
      method_source (~> 0.8)
      slop (~> 3.4)
    pry-debugger (0.2.2)
      debugger (~> 1.3)
      pry (~> 0.9.10)
    pry-doc (0.5.1)
      pry (>= 0.9)
      yard (>= 0.8)
    pry-docmore (0.1.1)
      pry
      pry-doc
    pry-plus (1.0.0)
      bond
      jist
      pry-debugger
      pry-doc
      pry-docmore
      pry-rescue
      pry-stack_explorer
    pry-rescue (1.3.1)
      interception (>= 0.4)
      pry
    pry-stack_explorer (0.4.9.1)
      binding_of_caller (>= 0.7)
      pry (>= 0.9.11)
    slop (3.4.7)
    texplay (0.4.3)
      gosu (>= 0.7.25)
    yard (0.8.7.3)

PLATFORMS
  ruby

DEPENDENCIES
  ashton!
  chipmunk
  hasu
  pry-plus
  texplay
